GEM
  remote: https://rubygems.org/
  specs:
    base64 (0.3.0)
    em-websocket (0.5.3)
      eventmachine (>= 0.12.9)
      http_parser.rb (~> 0)
    eventmachine (1.2.7)
    faye-websocket (0.12.0)
      eventmachine (>= 0.12.0)
      websocket-driver (>= 0.8.0)
    http_parser.rb (0.8.0)
    json (2.15.0)
    websocket-driver (0.8.0)
      base64
      websocket-extensions (>= 0.1.0)
    websocket-extensions (0.1.5)

PLATFORMS
  x64-mingw-ucrt

DEPENDENCIES
  em-websocket
  eventmachine
  faye-websocket
  json

BUNDLED WITH
   2.7.2
